GIT
  remote: git://github.com/lian/bitcoin-ruby.git
  revision: f9aa105f4dd86e5954b7682d3a4c2a4514cf0d1b
  specs:
    bitcoin-ruby (0.0.5)

GEM
  remote: https://rubygems.org/
  specs:
    backports (3.6.0)
    bugsnag (6.17.0)
      concurrent-ruby (~> 1.0)
    bugsnag-em (0.1)
      bugsnag
      eventmachine
      lspace (>= 0.13)
    celluloid (0.15.2)
      timers (~> 1.1.0)
    concurrent-ruby (1.1.7)
    connection_pool (2.0.0)
    database_cleaner (1.3.0)
    diff-lcs (1.2.5)
    dotenv (0.11.1)
      dotenv-deployment (~> 0.0.2)
    dotenv-deployment (0.0.2)
    eventmachine (1.0.3)
    faye-websocket (0.7.4)
      eventmachine (>= 0.12.0)
      websocket-driver (>= 0.3.1)
    ffi (1.9.3)
    ffi-compiler (0.1.3)
      ffi (>= 1.0.0)
      rake
    foreman (0.74.0)
      dotenv (~> 0.11.1)
      thor (~> 0.19.1)
    json (2.3.1)
    lspace (0.13)
    mock_redis (0.13.2)
    multi_json (1.15.0)
    newrelic_rpm (3.9.4.245)
    pg (0.17.1)
    puma (2.9.0)
      rack (>= 1.1, < 2.0)
    rack (1.5.2)
    rack-protection (1.5.3)
      rack
    rack-test (0.6.2)
      rack (>= 1.0)
    rake (10.3.2)
    redis (3.1.0)
    redis-namespace (1.5.1)
      redis (~> 3.0, >= 3.0.4)
    rspec (3.0.0)
      rspec-core (~> 3.0.0)
      rspec-expectations (~> 3.0.0)
      rspec-mocks (~> 3.0.0)
    rspec-core (3.0.3)
      rspec-support (~> 3.0.0)
    rspec-expectations (3.0.3)
      diff-lcs (>= 1.2.0, < 2.0)
      rspec-support (~> 3.0.0)
    rspec-mocks (3.0.3)
      rspec-support (~> 3.0.0)
    rspec-support (3.0.3)
    scrypt (1.2.1)
      ffi-compiler (>= 0.0.2)
      rake
    sequel (4.13.0)
    sequel_model (3.8.0)
      sequel (>= 3.8.0)
    sidekiq (3.2.1)
      celluloid (>= 0.15.2)
      connection_pool (>= 2.0.0)
      json
      redis (>= 3.0.6)
      redis-namespace (>= 1.3.1)
    sidekiq-unique-jobs (3.0.2)
      mock_redis
      sidekiq (>= 2.6)
    sinatra (1.4.5)
      rack (~> 1.4)
      rack-protection (~> 1.4)
      tilt (~> 1.3, >= 1.3.4)
    sinatra-contrib (1.4.2)
      backports (>= 2.0)
      multi_json
      rack-protection
      rack-test
      sinatra (~> 1.4.0)
      tilt (~> 1.3)
    thor (0.19.1)
    tilt (1.4.1)
    timers (1.1.0)
    websocket-driver (0.3.4)

PLATFORMS
  ruby

DEPENDENCIES
  bitcoin-ruby!
  bugsnag-em
  database_cleaner
  eventmachine
  faye-websocket
  ffi
  foreman
  newrelic_rpm
  pg
  puma
  rack-test
  rake
  rspec
  scrypt
  sequel
  sequel_model
  sidekiq
  sidekiq-unique-jobs
  sinatra
  sinatra-contrib
